GEM
  remote: http://rubygems.org/
  specs:
    addressable (2.2.4)
    haml (3.1.1)
    httpclient (2.2.1)
    json (1.4.6)
    json_pure (1.4.3)
    kasabi (0.1.1)
      httpclient (>= 2.1.3.1)
      json (>= 1.1.3)
      linkeddata
      mime-types (>= 1.16)
      mocha (>= 0.9.5)
    linkeddata (0.3.1)
      rdf (~> 0.3.1)
      rdf-isomorphic (~> 0.3.1)
      rdf-json (~> 0.3.0)
      rdf-n3 (~> 0.3.0)
      rdf-rdfa (~> 0.3.0)
      rdf-rdfxml (~> 0.3.0)
      rdf-trix (~> 0.3.0)
    mime-types (1.16)
    mocha (0.9.8)
      rake
    nokogiri (1.4.4)
    rack (1.2.1)
    rake (0.8.7)
    rdf (0.3.3)
      addressable (= 2.2.4)
    rdf-isomorphic (0.3.4)
      rdf (>= 0.2.3)
    rdf-json (0.3.0)
      json_pure (>= 1.4.2)
      rdf (~> 0.3.0)
    rdf-n3 (0.3.1.1)
      rdf (>= 0.3.1)
    rdf-rdfa (0.3.4)
      addressable (= 2.2.4)
      haml (>= 3.0.0)
      haml (>= 3.0.0)
      nokogiri (>= 1.3.3)
      nokogiri (>= 1.4.4)
      rdf
      rdf (>= 0.3.3)
    rdf-rdfxml (0.3.2.1)
      nokogiri (>= 1.4.4)
      rdf (>= 0.3.1)
    rdf-trix (0.3.0)
      rdf (~> 0.3.0)
    sinatra (1.2.6)
      rack (~> 1.1)
      tilt (>= 1.2.2, < 2.0)
    tilt (1.2.2)

PLATFORMS
  ruby

DEPENDENCIES
  json_pure (= 1.4.3)
  kasabi (= 0.1.1)
  sinatra (= 1.2.6)
